GEM
  remote: https://rubygems.org/
  specs:
    ansi (1.4.3)
    builder (3.2.2)
    commander (4.1.3)
      highline (~> 1.6.11)
    hashie (2.0.5)
    highline (1.6.19)
    minitest (4.7.5)
    minitest-reporters (0.14.20)
      ansi
      builder
      minitest (>= 2.12, < 5.0)
      powerbar
    openssl-extensions (1.2.1)
    powerbar (1.0.11)
      ansi (~> 1.4.0)
      hashie (>= 1.1.0)

PLATFORMS
  ruby

DEPENDENCIES
  commander
  highline
  minitest (< 5.0.0)
  minitest-reporters
  openssl-extensions
