GEM
  remote: https://rubygems.org/
  specs:
    commander (4.1.3)
      highline (~> 1.6.11)
    highline (1.6.16)
    minitest (5.0.6)
    openssl-extensions (1.2.1)

PLATFORMS
  ruby

DEPENDENCIES
  commander
  highline
  minitest
  openssl-extensions
